GEM
  remote: https://rubygems.org/
  specs:
    beefcake (1.0.0)
    faraday (0.9.2)
      multipart-post (>= 1.2, < 3)
    json (1.8.3)
    mtrc (0.0.4)
    multipart-post (2.0.0)
    riemann-client (0.2.6)
      beefcake (>= 0.3.5, <= 1.0.0)
      mtrc (>= 0.0.4)
      trollop (>= 1.16.2)
    riemann-mesos (0.1.1)
      faraday (>= 0.8.5)
      json
      riemann-tools (>= 0.2.8)
    riemann-tools (0.2.10)
      json
      riemann-client (>= 0.2.2)
      trollop (>= 1.16.2)
    trollop (2.1.2)

PLATFORMS
  ruby

DEPENDENCIES
  riemann-mesos (= 0.1.1)

BUNDLED WITH
   1.12.3
